GEM
  remote: https://rubygems.org/
  specs:
    minitest (5.4.1)
    rack (1.6.12)
    rack-protection (1.5.3)
      rack
    rack-test (0.6.2)
      rack (>= 1.0)
    rake (12.3.3)
    sinatra (1.4.5)
      rack (~> 1.4)
      rack-protection (~> 1.4)
      tilt (~> 1.3, >= 1.3.4)
    tilt (1.4.1)

PLATFORMS
  ruby

DEPENDENCIES
  minitest (~> 5.2)
  rack-test (~> 0.6)
  rake (~> 12.3)
  sinatra (~> 1.4)
